GEM
  remote: https://rubygems.org/
  specs:
    byebug (9.0.5)
    gosu (0.10.8)

PLATFORMS
  ruby

DEPENDENCIES
  byebug
  gosu

RUBY VERSION
   ruby 2.3.1p112

BUNDLED WITH
   1.12.5
